GEM
  remote: https://rubygems.org/
  specs:
    actionpack (4.2.5)
      actionview (= 4.2.5)
      activesupport (= 4.2.5)
      rack (~> 1.6)
      rack-test (~> 0.6.2)
      rails-dom-testing (~> 1.0, >= 1.0.5)
      rails-html-sanitizer (~> 1.0, >= 1.0.2)
    actionview (4.2.5)
      activesupport (= 4.2.5)
      builder (~> 3.1)
      erubis (~> 2.7.0)
      rails-dom-testing (~> 1.0, >= 1.0.5)
      rails-html-sanitizer (~> 1.0, >= 1.0.2)
    activesupport (4.2.5)
      i18n (~> 0.7)
      json (~> 1.7, >= 1.7.7)
      minitest (~> 5.1)
      thread_safe (~> 0.3, >= 0.3.4)
      tzinfo (~> 1.1)
    builder (3.2.2)
    byebug (8.2.1)
    chef (12.5.1)
      chef-config (= 12.5.1)
      chef-zero (~> 4.2, >= 4.2.2)
      diff-lcs (~> 1.2, >= 1.2.4)
      erubis (~> 2.7)
      ffi-yajl (~> 2.2)
      highline (~> 1.6, >= 1.6.9)
      mixlib-authentication (~> 1.3)
      mixlib-cli (~> 1.4)
      mixlib-log (~> 1.3)
      mixlib-shellout (~> 2.0)
      net-ssh (~> 2.6)
      net-ssh-multi (~> 1.1)
      ohai (>= 8.6.0.alpha.1, < 9)
      plist (~> 3.1.0)
      pry (~> 0.9)
      rspec-core (~> 3.2)
      rspec-expectations (~> 3.2)
      rspec-mocks (~> 3.2)
      rspec_junit_formatter (~> 0.2.0)
      serverspec (~> 2.7)
      specinfra (~> 2.10)
      syslog-logger (~> 1.6)
    chef-config (12.5.1)
      mixlib-config (~> 2.0)
      mixlib-shellout (~> 2.0)
    chef-zero (4.4.0)
      ffi-yajl (~> 2.2)
      hashie (>= 2.0, < 4.0)
      mixlib-log (~> 1.3)
      rack
      uuidtools (~> 2.1)
    coderay (1.1.0)
    diff-lcs (1.2.5)
    erubis (2.7.0)
    factory_girl (4.5.0)
      activesupport (>= 3.0.0)
    factory_girl_rails (4.5.0)
      factory_girl (~> 4.5.0)
      railties (>= 3.0.0)
    faker (1.6.1)
      i18n (~> 0.5)
    ffi (1.9.10)
    ffi-yajl (2.2.2)
      libyajl2 (~> 1.2)
    formatador (0.2.5)
    fuubar (2.0.0)
      rspec (~> 3.0)
      ruby-progressbar (~> 1.4)
    guard (2.13.0)
      formatador (>= 0.2.4)
      listen (>= 2.7, <= 4.0)
      lumberjack (~> 1.0)
      nenv (~> 0.1)
      notiffany (~> 0.0)
      pry (>= 0.9.12)
      shellany (~> 0.0)
      thor (>= 0.18.1)
    guard-compat (1.2.1)
    guard-rspec (4.6.4)
      guard (~> 2.1)
      guard-compat (~> 1.1)
      rspec (>= 2.99.0, < 4.0)
    hashie (3.4.3)
    highline (1.7.8)
    i18n (0.7.0)
    ipaddress (0.8.0)
    json (1.8.3)
    knife-solo (0.5.1)
      chef (>= 10.20)
      erubis (~> 2.7.0)
      net-ssh (~> 2.7, < 3.0)
    libyajl2 (1.2.0)
    listen (3.0.5)
      rb-fsevent (>= 0.9.3)
      rb-inotify (>= 0.9)
    loofah (2.0.3)
      nokogiri (>= 1.5.9)
    lumberjack (1.0.9)
    method_source (0.8.2)
    mini_portile2 (2.0.0)
    minitest (5.8.3)
    mixlib-authentication (1.3.0)
      mixlib-log
    mixlib-cli (1.5.0)
    mixlib-config (2.2.1)
    mixlib-log (1.6.0)
    mixlib-shellout (2.2.5)
    multi_json (1.11.2)
    nenv (0.2.0)
    net-scp (1.2.1)
      net-ssh (>= 2.6.5)
    net-ssh (2.9.2)
    net-ssh-gateway (1.2.0)
      net-ssh (>= 2.6.5)
    net-ssh-multi (1.2.1)
      net-ssh (>= 2.6.5)
      net-ssh-gateway (>= 1.2.0)
    net-telnet (0.1.1)
    nokogiri (1.6.7)
      mini_portile2 (~> 2.0.0.rc2)
    notiffany (0.0.8)
      nenv (~> 0.1)
      shellany (~> 0.0)
    ohai (8.8.1)
      chef-config (>= 12.5.0.alpha.1, < 13)
      ffi (~> 1.9)
      ffi-yajl (~> 2.2)
      ipaddress
      mixlib-cli
      mixlib-config (~> 2.0)
      mixlib-log
      mixlib-shellout (~> 2.0)
      rake (~> 10.1)
      systemu (~> 2.6.4)
      wmi-lite (~> 1.0)
    plist (3.1.0)
    pry (0.10.3)
      coderay (~> 1.1.0)
      method_source (~> 0.8.1)
      slop (~> 3.4)
    rack (1.6.4)
    rack-test (0.6.3)
      rack (>= 1.0)
    rails-deprecated_sanitizer (1.0.3)
      activesupport (>= 4.2.0.alpha)
    rails-dom-testing (1.0.7)
      activesupport (>= 4.2.0.beta, < 5.0)
      nokogiri (~> 1.6.0)
      rails-deprecated_sanitizer (>= 1.0.1)
    rails-html-sanitizer (1.0.2)
      loofah (~> 2.0)
    railties (4.2.5)
      actionpack (= 4.2.5)
      activesupport (= 4.2.5)
      rake (>= 0.8.7)
      thor (>= 0.18.1, < 2.0)
    rake (10.4.2)
    rb-fsevent (0.9.6)
    rb-inotify (0.9.5)
      ffi (>= 0.5.0)
    rspec (3.4.0)
      rspec-core (~> 3.4.0)
      rspec-expectations (~> 3.4.0)
      rspec-mocks (~> 3.4.0)
    rspec-core (3.4.1)
      rspec-support (~> 3.4.0)
    rspec-expectations (3.4.0)
      diff-lcs (>= 1.2.0, < 2.0)
      rspec-support (~> 3.4.0)
    rspec-its (1.2.0)
      rspec-core (>= 3.0.0)
      rspec-expectations (>= 3.0.0)
    rspec-mocks (3.4.0)
      diff-lcs (>= 1.2.0, < 2.0)
      rspec-support (~> 3.4.0)
    rspec-rails (3.4.0)
      actionpack (>= 3.0, < 4.3)
      activesupport (>= 3.0, < 4.3)
      railties (>= 3.0, < 4.3)
      rspec-core (~> 3.4.0)
      rspec-expectations (~> 3.4.0)
      rspec-mocks (~> 3.4.0)
      rspec-support (~> 3.4.0)
    rspec-support (3.4.1)
    rspec_junit_formatter (0.2.3)
      builder (< 4)
      rspec-core (>= 2, < 4, != 2.12.0)
    ruby-progressbar (1.7.5)
    serverspec (2.25.0)
      multi_json
      rspec (~> 3.0)
      rspec-its
      specinfra (~> 2.46)
    sfl (2.2)
    shellany (0.0.1)
    slop (3.6.0)
    specinfra (2.46.0)
      net-scp
      net-ssh (>= 2.7, < 3.1)
      net-telnet
      sfl
    spring (1.6.0)
    syslog-logger (1.6.8)
    systemu (2.6.5)
    thor (0.19.1)
    thread_safe (0.3.5)
    tzinfo (1.2.2)
      thread_safe (~> 0.1)
    uuidtools (2.1.5)
    wmi-lite (1.0.0)

PLATFORMS
  ruby

DEPENDENCIES
  byebug
  factory_girl
  factory_girl_rails
  faker
  fuubar
  guard
  guard-rspec
  knife-solo
  rspec
  rspec-its
  rspec-rails (~> 3.1)
  spring
